GEM
  remote: http://rubygems.org/
  specs:
    activesupport (3.2.8)
      i18n (~> 0.6)
      multi_json (~> 1.0)
    git (1.11.0)
      rchardet (~> 1.8)
    i18n (0.6.0)
    jeweler (1.8.4)
      bundler (~> 1.0)
      git (>= 1.2.5)
      rake
      rdoc
    json (1.7.4)
    multi_json (1.3.6)
    rake (0.9.2.2)
    rchardet (1.8.0)
    rcov (1.0.0)
    rdoc (3.12)
      json (~> 1.4)
    shoulda (3.1.1)
      shoulda-context (~> 1.0)
      shoulda-matchers (~> 1.2)
    shoulda-context (1.0.0)
    shoulda-matchers (1.2.0)
      activesupport (>= 3.0.0)

PLATFORMS
  ruby

DEPENDENCIES
  bundler
  jeweler (~> 1.8.4)
  rcov
  rdoc (~> 3.12)
  shoulda
